GEM
  remote: https://rubygems.org/
  specs:
    concurrent-ruby (1.0.5)
    dotenv (2.3.0)
    execjs (2.7.0)
    faraday (0.15.0)
      multipart-post (>= 1.2, < 3)
    ffi (1.9.23)
    gibbon (3.2.0)
      faraday (>= 0.9.1)
      multi_json (>= 1.11.0)
    haml (5.0.4)
      temple (>= 0.8.0)
      tilt
    mail (2.7.0)
      mini_mime (>= 0.1.1)
    mini_mime (1.0.0)
    multi_json (1.13.1)
    multipart-post (2.0.0)
    mustermann (1.0.2)
    pony (1.12)
      mail (>= 2.0)
    rack (2.0.4)
    rack-protection (2.0.1)
      rack
    rack-rewrite (1.5.1)
    rb-fsevent (0.10.3)
    rb-inotify (0.9.10)
      ffi (>= 0.5.0, < 2)
    sass (3.5.6)
      sass-listen (~> 4.0.0)
    sass-listen (4.0.0)
      rb-fsevent (~> 0.9, >= 0.9.4)
      rb-inotify (~> 0.9, >= 0.9.7)
    shotgun (0.9.2)
      rack (>= 1.0)
    sinatra (2.0.1)
      mustermann (~> 1.0)
      rack (~> 2.0)
      rack-protection (= 2.0.1)
      tilt (~> 2.0)
    sprockets (3.7.1)
      concurrent-ruby (~> 1.0)
      rack (> 1, < 3)
    temple (0.8.0)
    tilt (2.0.8)
    uglifier (4.1.10)
      execjs (>= 0.3.0, < 3)

PLATFORMS
  ruby

DEPENDENCIES
  dotenv
  gibbon
  haml
  pony
  rack-rewrite
  sass
  shotgun
  sinatra
  sprockets
  uglifier

RUBY VERSION
   ruby 2.7.1p83

BUNDLED WITH
   2.1.4
