GEM
  remote: https://rubygems.org/
  specs:
    haml (4.0.7)
      tilt
    rack (1.6.5)
    rack-protection (1.5.3)
      rack
    rack-rewrite (1.5.1)
    shotgun (0.9.2)
      rack (>= 1.0)
    sinatra (1.4.8)
      rack (~> 1.5)
      rack-protection (~> 1.4)
      tilt (>= 1.3, < 3)
    tilt (2.0.7)

PLATFORMS
  ruby

DEPENDENCIES
  haml
  rack-rewrite
  shotgun
  sinatra

RUBY VERSION
   ruby 2.4.0p0

BUNDLED WITH
   1.14.6
