GEM
  remote: https://rubygems.org/
  specs:
    concurrent-ruby (1.0.5)
    execjs (2.7.0)
    haml (4.0.7)
      tilt
    rack (1.6.5)
    rack-protection (1.5.3)
      rack
    rack-rewrite (1.5.1)
    sass (3.4.23)
    shotgun (0.9.2)
      rack (>= 1.0)
    sinatra (1.4.8)
      rack (~> 1.5)
      rack-protection (~> 1.4)
      tilt (>= 1.3, < 3)
    sprockets (3.7.1)
      concurrent-ruby (~> 1.0)
      rack (> 1, < 3)
    tilt (2.0.7)
    uglifier (3.1.9)
      execjs (>= 0.3.0, < 3)

PLATFORMS
  ruby

DEPENDENCIES
  haml
  rack-rewrite
  sass
  shotgun
  sinatra
  sprockets
  uglifier

RUBY VERSION
   ruby 2.4.0p0

BUNDLED WITH
   1.14.6
